GEM
  remote: https://rubygems.org/
  specs:
    motion-gradle (1.0.5)
    rake (10.4.2)

PLATFORMS
  ruby

DEPENDENCIES
  motion-gradle
  rake
